GEM
  remote: https://rubygems.org/
  specs:
    dnsimple-ruby (1.7.0)
      httparty (~> 0.12)
    dotenv (1.0.2)
    httparty (0.21.0)
      mini_mime (>= 1.0.0)
      multi_xml (>= 0.5.2)
    mini_mime (1.1.2)
    multi_xml (0.6.0)

PLATFORMS
  ruby

DEPENDENCIES
  dnsimple-ruby
  dotenv
  httparty
